GEM
  remote: https://rubygems.org/
  specs:
    byebug (8.2.4)
    coderay (1.1.2)
    method_source (0.9.2)
    pry (0.12.2)
      coderay (~> 1.1.0)
      method_source (~> 0.9.0)
    pry-byebug (3.3.0)
      byebug (~> 8.0)
      pry (~> 0.10)

PLATFORMS
  ruby

DEPENDENCIES
  byebug (= 8.2.4)
  pry-byebug

BUNDLED WITH
   2.0.1
